GEM
  specs:
    parallel (1.12.1)

PLATFORMS
  ruby

DEPENDENCIES
  parallel

BUNDLED WITH
   1.16.2
